GEM
  remote: https://rubygems.org/
  specs:
    debase (0.2.4.1)
      debase-ruby_core_source (>= 0.10.2)
    debase-ruby_core_source (0.10.12)
    diff-lcs (1.3)
    rake (13.0.6)
    rspec (3.9.0)
      rspec-core (~> 3.9.0)
      rspec-expectations (~> 3.9.0)
      rspec-mocks (~> 3.9.0)
    rspec-core (3.9.1)
      rspec-support (~> 3.9.1)
    rspec-expectations (3.9.0)
      diff-lcs (>= 1.2.0, < 2.0)
      rspec-support (~> 3.9.0)
    rspec-mocks (3.9.1)
      diff-lcs (>= 1.2.0, < 2.0)
      rspec-support (~> 3.9.0)
    rspec-support (3.9.2)
    ruby-debug-ide (0.7.2)
      rake (>= 0.8.1)

PLATFORMS
  ruby

DEPENDENCIES
  debase
  rspec
  ruby-debug-ide

BUNDLED WITH
   2.1.4
